GIT
  remote: git://github.com/lucasmartins/mailcannon.git
  revision: 5983d9c5ff0af4d06f2a7019a106fe0d069f0e76
  specs:
    mailcannon (0.0.5)
      activemodel (>= 3.0.0)
      json-schema
      mongoid
      redis
      sendgrid_webapi
      sidekiq

GEM
  remote: https://rubygems.org/
  specs:
    activemodel (3.2.16)
      activesupport (= 3.2.16)
      builder (~> 3.0.0)
    activesupport (3.2.16)
      i18n (~> 0.6, >= 0.6.4)
      multi_json (~> 1.0)
    builder (3.0.4)
    celluloid (0.15.2)
      timers (~> 1.1.0)
    connection_pool (1.2.0)
    faraday (0.8.9)
      multipart-post (~> 1.2.0)
    i18n (0.6.9)
    json (1.8.1)
    json-schema (2.2.1)
    kiqstand (1.1.0)
      mongoid (~> 3.1)
      moped (~> 1.4)
    mongoid (3.1.6)
      activemodel (~> 3.2)
      moped (~> 1.4)
      origin (~> 1.0)
      tzinfo (~> 0.3.29)
    moped (1.5.1)
    multi_json (1.8.2)
    multipart-post (1.2.0)
    origin (1.1.0)
    redis (3.0.6)
    redis-namespace (1.4.1)
      redis (~> 3.0.4)
    sendgrid_webapi (0.0.2)
      faraday (~> 0.8.0)
      json (~> 1.8.0)
    sidekiq (2.17.3)
      celluloid (>= 0.15.2)
      connection_pool (>= 1.0.0)
      json
      redis (>= 3.0.6)
      redis-namespace (>= 1.3.1)
    timers (1.1.0)
    tzinfo (0.3.38)

PLATFORMS
  ruby

DEPENDENCIES
  kiqstand (>= 1.1.0)
  mailcannon!
